GEM
  remote: http://rubygems.org/
  specs:
    jist (1.3.1)
      json
    json (1.7.6)
    rake (10.0.3)
    thor (0.16.0)

PLATFORMS
  ruby

DEPENDENCIES
  jist
  rake
  thor
